GEM
  remote: https://rubygems.org/
  specs:
    c64asm (0.4.2)

PLATFORMS
  ruby

DEPENDENCIES
  c64asm
